GEM
  specs:
    ffi (1.9.3)
    rb-inotify (0.9.3)
      ffi (>= 0.5.0)

PLATFORMS
  ruby

DEPENDENCIES
  rb-inotify
